GEM
  remote: https://rubygems.org/
  specs:
    ffi (1.12.2)
    listen (3.2.1)
      rb-fsevent (~> 0.10, >= 0.10.3)
      rb-inotify (~> 0.9, >= 0.9.10)
    rack (2.2.2)
    rb-fsevent (0.10.4)
    rb-inotify (0.10.1)
      ffi (~> 1.0)
    zeitwerk (2.3.0)

PLATFORMS
  ruby

DEPENDENCIES
  listen
  rack
  zeitwerk

RUBY VERSION
   ruby 2.7.0p0

BUNDLED WITH
   2.1.4
